PATH
  remote: .
  specs:
    yaml2csv (0.0.1)

GEM
  remote: http://rubygems.org/
  specs:
    rake (0.8.7)
    ya2yaml (0.30)

PLATFORMS
  ruby

DEPENDENCIES
  bundler (~> 1.0.7)
  rake (~> 0.8.7)
  ya2yaml (~> 0.30)
  yaml2csv!
